GEM
  remote: http://rubygems.org/
  specs:
    dotenv (2.7.6)
    jwt (2.3.0)

PLATFORMS
  -darwin-20

DEPENDENCIES
  dotenv
  jwt

BUNDLED WITH
   2.3.5
